GEM
  remote: https://rubygems.org/
  specs:
    abstract_type (0.0.6)
    activesupport (4.0.0)
      i18n (~> 0.6, >= 0.6.4)
      minitest (~> 4.2)
      multi_json (~> 1.3)
      thread_safe (~> 0.1)
      tzinfo (~> 0.3.37)
    adamantium (0.1.0)
      ice_nine (~> 0.9)
      thread_safe (~> 0.1.2)
    anima (0.1.1)
      abstract_type (~> 0.0.6)
      adamantium (~> 0.1.0)
      equalizer (~> 0.0.7)
    ast (1.1.0)
    atomic (1.1.14)
    concord (0.1.4)
      adamantium (~> 0.1)
      equalizer (~> 0.0.7)
    descendants_tracker (0.0.1)
    diff-lcs (1.2.4)
    docile (1.1.0)
    equalizer (0.0.7)
    i18n (0.6.5)
    ice_nine (0.10.0)
    inflecto (0.0.2)
    lockfile (2.1.0)
    minitest (4.7.5)
    multi_json (1.8.1)
    mutant (0.3.0.rc3)
      adamantium (~> 0.1.0)
      anima (~> 0.1.1)
      concord (~> 0.1.4)
      descendants_tracker (~> 0.0.1)
      equalizer (~> 0.0.7)
      ice_nine (~> 0.9)
      inflecto (~> 0.0.2)
      parser (~> 2.0.0.pre7)
      rspec (~> 2.14.1)
      unparser (~> 0.1.2)
    parser (2.0.0.pre8)
      ast (~> 1.1)
      slop (~> 3.4, >= 3.4.5)
    rake (10.1.0)
    rspec (2.14.1)
      rspec-core (~> 2.14.0)
      rspec-expectations (~> 2.14.0)
      rspec-mocks (~> 2.14.0)
    rspec-core (2.14.5)
    rspec-expectations (2.14.3)
      diff-lcs (>= 1.1.3, < 2.0)
    rspec-mocks (2.14.3)
    rspec-pride (2.2.0)
      rspec (~> 2.10)
    simplecov (0.8.0.pre2)
      docile (~> 1.1.0)
      lockfile (>= 2.1.0)
      multi_json
      simplecov-html (~> 0.7.1)
    simplecov-html (0.7.1)
    slop (3.4.6)
    thread_safe (0.1.3)
      atomic
    tzinfo (0.3.37)
    unparser (0.1.3)
      abstract_type (~> 0.0.6)
      adamantium (~> 0.1.0)
      concord (~> 0.1.1)
      equalizer (~> 0.0.7)
      parser (~> 2.0.0.pre7)

PLATFORMS
  ruby

DEPENDENCIES
  activesupport (~> 4.0.0)
  mutant (~> 0.3.0.rc3)
  rake (~> 10.1.0)
  rspec (~> 2.14.0)
  rspec-pride (~> 2.2.0)
  simplecov (~> 0.8.0.pre2)
